GIT
  remote: https://github.com/gocardless/gocardless-ruby
  revision: cc5be30e5142ef9a439d69b9e8112424d79c0566
  specs:
    gocardless (0.2.0)
      multi_json (~> 1.2)
      oauth2 (~> 0.5.0.rc1)

GEM
  remote: http://rubygems.org/
  specs:
    Ascii85 (1.0.1)
    ZenTest (4.7.0)
    actionmailer (3.1.3)
      actionpack (= 3.1.3)
      mail (~> 2.3.0)
    actionpack (3.1.3)
      activemodel (= 3.1.3)
      activesupport (= 3.1.3)
      builder (~> 3.0.0)
      erubis (~> 2.7.0)
      i18n (~> 0.6)
      rack (~> 1.3.5)
      rack-cache (~> 1.1)
      rack-mount (~> 0.8.2)
      rack-test (~> 0.6.1)
      sprockets (~> 2.0.3)
    active_attr (0.5.1)
      activemodel (>= 3.0.2, < 4.1)
      activesupport (>= 3.0.2, < 4.1)
    activeadmin (0.4.4)
      bourbon (>= 1.0.0)
      devise (>= 1.1.2)
      fastercsv
      formtastic (~> 2.1.1)
      inherited_resources (>= 1.3.1)
      jquery-rails (>= 1.0.0)
      kaminari (>= 0.13.0)
      meta_search (>= 0.9.2)
      rails (>= 3.0.0)
      sass (>= 3.1.0)
    activemodel (3.1.3)
      activesupport (= 3.1.3)
      builder (~> 3.0.0)
      i18n (~> 0.6)
    activerecord (3.1.3)
      activemodel (= 3.1.3)
      activesupport (= 3.1.3)
      arel (~> 2.2.1)
      tzinfo (~> 0.3.29)
    activeresource (3.1.3)
      activemodel (= 3.1.3)
      activesupport (= 3.1.3)
    activesupport (3.1.3)
      multi_json (~> 1.0)
    addressable (2.2.7)
    airbrake (3.1.6)
      builder
      girl_friday
    ansi (1.4.2)
    arel (2.2.3)
    bcrypt-ruby (3.0.1)
    bourbon (2.1.0)
      sass (>= 3.1)
    builder (3.0.0)
    capybara (1.1.2)
      mime-types (>= 1.16)
      nokogiri (>= 1.3.3)
      rack (>= 1.0.0)
      rack-test (>= 0.5.4)
      selenium-webdriver (~> 2.0)
      xpath (~> 0.1.4)
    childprocess (0.3.1)
      ffi (~> 1.0.6)
    cocaine (0.2.1)
    coffee-rails (3.1.1)
      coffee-script (>= 2.2.0)
      railties (~> 3.1.0)
    coffee-script (2.2.0)
      coffee-script-source
      execjs
    coffee-script-source (1.2.0)
    commonjs (0.2.5)
    connection_pool (1.0.0)
    cucumber (1.1.9)
      builder (>= 2.1.2)
      diff-lcs (>= 1.1.2)
      gherkin (~> 2.9.0)
      json (>= 1.4.6)
      term-ansicolor (>= 1.0.6)
    cucumber-rails (1.3.0)
      capybara (>= 1.1.2)
      cucumber (>= 1.1.8)
      nokogiri (>= 1.5.0)
    daemons (1.1.8)
    database_cleaner (0.7.2)
    devise (2.0.4)
      bcrypt-ruby (~> 3.0)
      orm_adapter (~> 0.0.3)
      railties (~> 3.1)
      warden (~> 1.1.1)
    diff-lcs (1.1.3)
    erubis (2.7.0)
    eventmachine (0.12.10)
    execjs (1.3.0)
      multi_json (~> 1.0)
    factory_girl (3.0.0)
      activesupport (>= 3.0.0)
    factory_girl_rails (3.0.0)
      factory_girl (~> 3.0.0)
      railties (>= 3.0.0)
    faraday (0.7.6)
      addressable (~> 2.2)
      multipart-post (~> 1.1)
      rack (~> 1.1)
    fastercsv (1.5.5)
    ffi (1.0.11)
    formtastic (2.1.1)
      actionpack (~> 3.0)
    gherkin (2.9.3)
      json (>= 1.4.6)
    girl_friday (0.11.2)
      connection_pool (~> 1.0)
      rubinius-actor
    growl (1.0.3)
    guard (1.0.1)
      ffi (>= 0.5.0)
      thor (~> 0.14.6)
    guard-spork (0.5.2)
      guard (>= 0.10.0)
      spork (>= 0.8.4)
    haml (3.1.4)
    haml-rails (0.3.4)
      actionpack (~> 3.0)
      activesupport (~> 3.0)
      haml (~> 3.0)
      railties (~> 3.0)
    has_scope (0.5.1)
    hike (1.2.1)
    i18n (0.6.0)
    inherited_resources (1.3.1)
      has_scope (~> 0.5.0)
      responders (~> 0.6)
    jquery-rails (1.0.19)
      railties (~> 3.0)
      thor (~> 0.14)
    json (1.6.6)
    kaminari (0.13.0)
      actionpack (>= 3.0.0)
      activesupport (>= 3.0.0)
      railties (>= 3.0.0)
    launchy (2.1.0)
      addressable (~> 2.2.6)
    less (2.1.0)
      commonjs (~> 0.2.0)
      therubyracer (~> 0.10.0)
    less-rails (2.2.0)
      actionpack (>= 3.1)
      less (~> 2.1.0)
    libv8 (3.3.10.4)
    mail (2.3.3)
      i18n (>= 0.4.0)
      mime-types (~> 1.16)
      treetop (~> 1.4.8)
    meta_search (1.1.3)
      actionpack (~> 3.1)
      activerecord (~> 3.1)
      activesupport (~> 3.1)
      polyamorous (~> 0.5.0)
    mime-types (1.18)
    multi_json (1.2.0)
    multipart-post (1.1.5)
    mysql2 (0.3.11)
    nokogiri (1.5.2)
    oauth2 (0.5.2)
      faraday (~> 0.7)
      multi_json (~> 1.0)
    orm_adapter (0.0.7)
    paperclip (3.0.2)
      activemodel (>= 3.0.0)
      activerecord (>= 3.0.0)
      activesupport (>= 3.0.0)
      cocaine (>= 0.0.2)
      mime-types
    pdf-reader (1.1.0)
      Ascii85 (~> 1.0.0)
      ruby-rc4
    pg (0.13.2)
    polyamorous (0.5.0)
      activerecord (~> 3.0)
    polyglot (0.3.3)
    prawn (0.12.0)
      pdf-reader (>= 0.9.0)
      ttfunk (~> 1.0.2)
    rack (1.3.6)
    rack-cache (1.2)
      rack (>= 0.4)
    rack-mount (0.8.3)
      rack (>= 1.0.0)
    rack-ssl (1.3.2)
      rack
    rack-test (0.6.1)
      rack (>= 1.0)
    rails (3.1.3)
      actionmailer (= 3.1.3)
      actionpack (= 3.1.3)
      activerecord (= 3.1.3)
      activeresource (= 3.1.3)
      activesupport (= 3.1.3)
      bundler (~> 1.0)
      railties (= 3.1.3)
    railties (3.1.3)
      actionpack (= 3.1.3)
      activesupport (= 3.1.3)
      rack-ssl (~> 1.3.2)
      rake (>= 0.8.7)
      rdoc (~> 3.4)
      thor (~> 0.14.6)
    rake (0.9.2.2)
    rdoc (3.12)
      json (~> 1.4)
    responders (0.9.1)
      railties (~> 3.1)
    rspec (2.9.0)
      rspec-core (~> 2.9.0)
      rspec-expectations (~> 2.9.0)
      rspec-mocks (~> 2.9.0)
    rspec-core (2.9.0)
    rspec-expectations (2.9.1)
      diff-lcs (~> 1.1.3)
    rspec-mocks (2.9.0)
    rspec-rails (2.9.0)
      actionpack (>= 3.0)
      activesupport (>= 3.0)
      railties (>= 3.0)
      rspec (~> 2.9.0)
    rubinius-actor (0.0.2)
      rubinius-core-api
    rubinius-core-api (0.0.1)
    ruby-rc4 (0.1.5)
    rubyzip (0.9.6.1)
    sass (3.1.18)
    sass-rails (3.1.5)
      actionpack (~> 3.1.0)
      railties (~> 3.1.0)
      sass (~> 3.1.10)
      tilt (~> 1.3.2)
    selenium-webdriver (2.20.0)
      childprocess (>= 0.2.5)
      ffi (~> 1.0)
      multi_json (~> 1.0)
      rubyzip
    shoulda (3.0.1)
      shoulda-context (~> 1.0.0)
      shoulda-matchers (~> 1.0.0)
    shoulda-context (1.0.0)
    shoulda-matchers (1.0.0)
    simple_form (2.0.1)
      actionpack (~> 3.0)
      activemodel (~> 3.0)
    simplecov (0.6.1)
      multi_json (~> 1.0)
      simplecov-html (~> 0.5.3)
    simplecov-html (0.5.3)
    spork (0.9.0)
    sprockets (2.0.3)
      hike (~> 1.2)
      rack (~> 1.0)
      tilt (~> 1.1, != 1.3.0)
    term-ansicolor (1.0.7)
    therubyracer (0.10.0)
      libv8 (~> 3.3.10)
    thin (1.3.1)
      daemons (>= 1.0.9)
      eventmachine (>= 0.12.6)
      rack (>= 1.0.0)
    thor (0.14.6)
    tilt (1.3.3)
    treetop (1.4.10)
      polyglot
      polyglot (>= 0.3.1)
    ttfunk (1.0.3)
    turn (0.8.2)
      ansi (>= 1.2.2)
    twitter-bootstrap-rails (2.0.5)
      actionpack (>= 3.1)
      less-rails (~> 2.2.0)
      railties (>= 3.1)
    tzinfo (0.3.32)
    uglifier (1.2.4)
      execjs (>= 0.3.0)
      multi_json (>= 1.0.2)
    warden (1.1.1)
      rack (>= 1.0)
    webrat (0.7.3)
      nokogiri (>= 1.2.0)
      rack (>= 1.0)
      rack-test (>= 0.5.3)
    xpath (0.1.4)
      nokogiri (~> 1.3)

PLATFORMS
  ruby

DEPENDENCIES
  ZenTest
  active_attr
  activeadmin
  airbrake
  capybara
  coffee-rails (~> 3.1.1)
  cucumber
  cucumber-rails
  database_cleaner
  devise
  factory_girl_rails
  gocardless!
  growl
  guard-spork
  haml
  haml-rails
  jquery-rails
  launchy
  meta_search (>= 1.1.0.pre)
  mysql2
  paperclip
  pg
  prawn
  rails (= 3.1.3)
  rspec-rails
  sass-rails (= 3.1.5)
  shoulda
  simple_form
  simplecov
  thin
  turn (= 0.8.2)
  twitter-bootstrap-rails
  uglifier (>= 1.0.3)
  webrat
